GEM
  remote: http://rubygems.org/
  specs:
    chipmunk (5.3.4.5)
    gosu (0.7.50)
    hasu (0.1.4)
      gosu
    rmagick (2.13.2)

PLATFORMS
  ruby

DEPENDENCIES
  chipmunk
  hasu
  rmagick
