GEM
  remote: http://rubygems.org/
  specs:
    chipmunk (5.3.4.5)
    chipmunk-ffi (1.1.0)
      ffi (>= 0.6.0)
      nice-ffi
    ffi (1.9.3)
    gosu (0.7.50)
    hasu (0.1.4)
      gosu
    nice-ffi (0.4)
      ffi (>= 0.5.0)
    rmagick (2.13.2)

PLATFORMS
  ruby

DEPENDENCIES
  chipmunk
  chipmunk-ffi
  hasu
  rmagick
